GIT
  remote: git://github.com/jamesgary/guard-haml.git
  revision: 0f51acdf4e9a6f8edf0be7a5038179c96ee5bd28
  ref: 0f51acdf4e
  specs:
    guard-haml (0.4)
      guard (>= 1.1)
      haml (>= 3.0)

GIT
  remote: git://github.com/mhayes/guard-compass.git
  revision: a9333c9637506e49aa06d67e98d79598fd2c607b
  ref: a9333c9637
  specs:
    guard-compass (0.0.6)
      compass (>= 0.10.5)
      guard (>= 0.2.1)

GEM
  remote: http://rubygems.org/
  specs:
    chunky_png (1.2.6)
    coffee-script (2.2.0)
      coffee-script-source
      execjs
    coffee-script-source (1.3.3)
    compass (0.12.2)
      chunky_png (~> 1.2)
      fssm (>= 0.2.7)
      sass (~> 3.1)
    execjs (1.4.0)
      multi_json (~> 1.0)
    fssm (0.2.9)
    growl (1.0.3)
    guard (1.4.0)
      listen (>= 0.4.2)
      thor (>= 0.14.6)
    guard-coffeescript (1.2.0)
      coffee-script (>= 2.2.0)
      guard (>= 1.1.0)
    guard-shell (0.5.1)
      guard (>= 1.1.0)
    haml (3.1.7)
    listen (0.5.2)
    multi_json (1.3.6)
    rb-fsevent (0.9.2)
    sass (3.2.1)
    thor (0.16.0)

PLATFORMS
  ruby

DEPENDENCIES
  growl
  guard-coffeescript
  guard-compass!
  guard-haml!
  guard-shell
  rb-fsevent
