GIT
  remote: git://github.com/jamesgary/guard-haml.git
  revision: d578587a88e00b6f7178a3285f26e12fc99d15ad
  specs:
    guard-haml (0.4)
      guard (>= 1.1)
      haml (>= 3.0)

GIT
  remote: git://github.com/mhayes/guard-compass.git
  revision: a9333c9637506e49aa06d67e98d79598fd2c607b
  ref: a9333c9637
  specs:
    guard-compass (0.0.6)
      compass (>= 0.10.5)
      guard (>= 0.2.1)

GEM
  remote: http://rubygems.org/
  specs:
    chunky_png (1.2.6)
    coderay (1.0.8)
    coffee-script (2.2.0)
      coffee-script-source
      execjs
    coffee-script-source (1.4.0)
    compass (0.12.2)
      chunky_png (~> 1.2)
      fssm (>= 0.2.7)
      sass (~> 3.1)
    execjs (1.4.0)
      multi_json (~> 1.0)
    fssm (0.2.9)
    growl (1.0.3)
    guard (1.5.4)
      listen (>= 0.4.2)
      lumberjack (>= 1.0.2)
      pry (>= 0.9.10)
      thor (>= 0.14.6)
    guard-coffeescript (1.2.1)
      coffee-script (>= 2.2.0)
      guard (>= 1.1.0)
    guard-shell (0.5.1)
      guard (>= 1.1.0)
    haml (3.1.7)
    listen (0.5.3)
    lumberjack (1.0.2)
    method_source (0.8.1)
    multi_json (1.3.7)
    pry (0.9.10)
      coderay (~> 1.0.5)
      method_source (~> 0.8)
      slop (~> 3.3.1)
    rb-fsevent (0.9.2)
    sass (3.2.3)
    slop (3.3.3)
    thor (0.16.0)

PLATFORMS
  ruby

DEPENDENCIES
  growl
  guard-coffeescript
  guard-compass!
  guard-haml!
  guard-shell
  rb-fsevent
